GEM
  remote: https://rubygems.org/
  specs:
    daemons (1.2.2)
    dotenv (1.0.2)
    eventmachine (1.0.7)
    foreman (0.76.0)
      dotenv (~> 1.0.2)
      thor (~> 0.19.1)
    rack (1.6.11)
    rack-heartbeat (1.0.1)
      rack
    rack-protection (1.5.5)
      rack
    rake (12.3.1)
    sinatra (1.4.8)
      rack (~> 1.5)
      rack-protection (~> 1.4)
      tilt (>= 1.3, < 3)
    thin (1.6.3)
      daemons (~> 1.0, >= 1.0.9)
      eventmachine (~> 1.0)
      rack (~> 1.0)
    thor (0.19.1)
    tilt (2.0.8)

PLATFORMS
  ruby

DEPENDENCIES
  foreman
  rack-heartbeat
  rake
  sinatra
  thin

BUNDLED WITH
   1.16.2
