GEM
  remote: https://rubygems.org/
  specs:
    daemons (1.4.1)
    dotenv (1.0.2)
    eventmachine (1.2.7)
    foreman (0.76.0)
      dotenv (~> 1.0.2)
      thor (~> 0.19.1)
    mustermann (3.0.0)
      ruby2_keywords (~> 0.0.1)
    rack (2.2.4)
    rack-heartbeat (1.0.1)
      rack
    rack-protection (3.0.4)
      rack
    rake (12.3.1)
    ruby2_keywords (0.0.5)
    sinatra (3.0.4)
      mustermann (~> 3.0)
      rack (~> 2.2, >= 2.2.4)
      rack-protection (= 3.0.4)
      tilt (~> 2.0)
    thin (1.8.1)
      daemons (~> 1.0, >= 1.0.9)
      eventmachine (~> 1.0, >= 1.0.4)
      rack (>= 1, < 3)
    thor (0.19.1)
    tilt (2.0.11)

PLATFORMS
  ruby

DEPENDENCIES
  foreman
  rack-heartbeat
  rake
  sinatra
  thin

BUNDLED WITH
   1.16.2
